PATH
  remote: vendor/erector
  specs:
    erector (0.8.1)
      rake
      treetop (>= 1.2.3)

PATH
  remote: vendor/run_later
  specs:
    run_later (0.0.1)

GEM
  remote: http://rubygems.org/
  specs:
    abstract (1.0.0)
    actionmailer (3.0.7)
      actionpack (= 3.0.7)
      mail (~> 2.2.15)
    actionpack (3.0.7)
      activemodel (= 3.0.7)
      activesupport (= 3.0.7)
      builder (~> 2.1.2)
      erubis (~> 2.6.6)
      i18n (~> 0.5.0)
      rack (~> 1.2.1)
      rack-mount (~> 0.6.14)
      rack-test (~> 0.5.7)
      tzinfo (~> 0.3.23)
    activemodel (3.0.7)
      activesupport (= 3.0.7)
      builder (~> 2.1.2)
      i18n (~> 0.5.0)
    activerecord (3.0.7)
      activemodel (= 3.0.7)
      activesupport (= 3.0.7)
      arel (~> 2.0.2)
      tzinfo (~> 0.3.23)
    activeresource (3.0.7)
      activemodel (= 3.0.7)
      activesupport (= 3.0.7)
    activesupport (3.0.7)
    arel (2.0.9)
    bcrypt-ruby (2.1.4)
    builder (2.1.2)
    daemons (1.1.0)
    diff-lcs (1.1.2)
    erubis (2.6.6)
      abstract (>= 1.0.0)
    eventmachine (0.12.10)
    faker (0.9.5)
      i18n (~> 0.4)
    foreman (0.16.0)
      term-ansicolor (~> 1.0.5)
      thor (>= 0.13.6)
    fuubar (0.0.5)
      rspec (~> 2.0)
      rspec-instafail (~> 0.1.4)
      ruby-progressbar (~> 0.0.10)
    haml (3.0.25)
    hoe (2.9.4)
      rake (>= 0.8.7)
    i18n (0.5.0)
    json (1.4.6)
    kgio (2.3.3)
    macaddr (1.0.0)
    machinist (1.0.6)
    mail (2.2.19)
      activesupport (>= 2.3.6)
      i18n (>= 0.4.0)
      mime-types (~> 1.16)
      treetop (~> 1.4.8)
    mailtrap (0.2.1)
      daemons (>= 1.0.8)
      hoe (>= 1.3.0)
      trollop (>= 1.7)
    mime-types (1.16)
    net-sftp (2.0.5)
      net-ssh (>= 2.0.9)
    net-ssh (2.1.0)
    net-ssh-telnet (0.0.2)
      net-ssh (>= 2.0.1)
    pg (0.9.0)
    polyglot (0.3.1)
    pony (1.1)
      mail (> 2.0)
    rack (1.2.2)
    rack-chromeframe (1.0.0)
    rack-mount (0.6.14)
      rack (>= 1.0.0)
    rack-test (0.5.7)
      rack (>= 1.0)
    rails (3.0.7)
      actionmailer (= 3.0.7)
      actionpack (= 3.0.7)
      activerecord (= 3.0.7)
      activeresource (= 3.0.7)
      activesupport (= 3.0.7)
      bundler (~> 1.0)
      railties (= 3.0.7)
    railties (3.0.7)
      actionpack (= 3.0.7)
      activesupport (= 3.0.7)
      rake (>= 0.8.7)
      thor (~> 0.14.4)
    rake (0.8.7)
    redis (2.2.0)
    redis-lock (0.1.0)
      redis
    redis-namespace (0.10.0)
      redis (< 3.0.0)
    redisk (0.2.2)
      redis (>= 0.1.1)
      redis-namespace (>= 0.1.0)
    resque (1.15.0)
      json (~> 1.4.6)
      redis-namespace (>= 0.10.0)
      sinatra (>= 0.9.2)
      vegas (~> 0.1.2)
    resque-scheduler (1.9.9)
      redis (>= 2.0.1)
      resque (>= 1.8.0)
      rufus-scheduler
    resque-status (0.2.3)
      redisk (>= 0.2.1)
      resque (>= 1.3.1)
      uuid (>= 2.0.2)
    rgl (0.4.0)
      rake
      stream (>= 0.5)
    rr (1.0.2)
    rspec (2.5.0)
      rspec-core (~> 2.5.0)
      rspec-expectations (~> 2.5.0)
      rspec-mocks (~> 2.5.0)
    rspec-core (2.5.2)
    rspec-expectations (2.5.0)
      diff-lcs (~> 1.1.2)
    rspec-instafail (0.1.7)
    rspec-mocks (2.5.0)
    rspec-rails (2.5.0)
      actionpack (~> 3.0)
      activesupport (~> 3.0)
      railties (~> 3.0)
      rspec (~> 2.5.0)
    ruby-progressbar (0.0.10)
    rufus-scheduler (2.0.9)
      tzinfo (>= 0.3.23)
    sequel (3.16.0)
    sinatra (1.2.6)
      rack (~> 1.1)
      tilt (< 2.0, >= 1.2.2)
    spork (0.9.0.rc7)
    stream (0.5)
    term-ansicolor (1.0.5)
    thin (1.2.11)
      daemons (>= 1.0.9)
      eventmachine (>= 0.12.6)
      rack (>= 1.0.0)
    thor (0.14.6)
    tilt (1.3)
    treetop (1.4.9)
      polyglot (>= 0.3.1)
    trollop (1.16.2)
    typhoeus (0.2.4)
      mime-types
      mime-types
    tzinfo (0.3.27)
    unicorn (3.5.0)
      kgio (~> 2.3)
      rack
    uuid (2.3.2)
      macaddr (~> 1.0)
    uuidtools (2.1.2)
    vegas (0.1.8)
      rack (>= 1.0.0)

PLATFORMS
  ruby

DEPENDENCIES
  bcrypt-ruby
  erector!
  faker (= 0.9.5)
  foreman (= 0.16.0)
  fuubar (= 0.0.5)
  haml (= 3.0.25)
  machinist (= 1.0.6)
  mailtrap (= 0.2.1)
  net-sftp
  net-ssh (= 2.1.0)
  net-ssh-telnet
  pg (= 0.9.0)
  pony (= 1.1)
  rack-chromeframe (= 1.0.0)
  rails (= 3.0.7)
  rake (= 0.8.7)
  redis (= 2.2.0)
  redis-lock (= 0.1.0)
  resque (= 1.15.0)
  resque-scheduler (= 1.9.9)
  resque-status (= 0.2.3)
  rgl
  rr (= 1.0.2)
  rspec (~> 2.5.0)
  rspec-rails (~> 2.5.0)
  run_later!
  sequel (= 3.16.0)
  spork (~> 0.9.0.rc7)
  thin (= 1.2.11)
  thor (= 0.14.6)
  typhoeus (= 0.2.4)
  unicorn (= 3.5.0)
  uuidtools (= 2.1.2)
