PATH
  remote: vendor/compass
  specs:
    compass (0.11.1)
      chunky_png (~> 1.1)
      fssm (>= 0.2.7)
      sass (~> 3.1)

PATH
  remote: vendor/erector
  specs:
    erector (0.8.1)
      rake
      treetop (>= 1.2.3)

PATH
  remote: vendor/monarch
  specs:
    monarch (0.0.1)

PATH
  remote: vendor/prequel
  specs:
    prequel (0.0.1)
      activesupport (>= 3.0.4)
      i18n (>= 0.5.0)
      sequel (>= 3.20.0)

PATH
  remote: vendor/princess
  specs:
    princess (0.0.1)

PATH
  remote: vendor/rails
  specs:
    actionmailer (3.1.0.rc1)
      actionpack (= 3.1.0.rc1)
      mail (~> 2.3.0)
    actionpack (3.1.0.rc1)
      activemodel (= 3.1.0.rc1)
      activesupport (= 3.1.0.rc1)
      builder (~> 3.0.0)
      erubis (~> 2.7.0)
      i18n (~> 0.6)
      rack (~> 1.3.0)
      rack-cache (~> 1.0.1)
      rack-mount (~> 0.8.1)
      rack-test (~> 0.6.0)
      sprockets (~> 2.0.0.beta.9)
      tzinfo (~> 0.3.27)
    activemodel (3.1.0.rc1)
      activesupport (= 3.1.0.rc1)
      bcrypt-ruby (~> 2.1.4)
      builder (~> 3.0.0)
      i18n (~> 0.6)
    activerecord (3.1.0.rc1)
      activemodel (= 3.1.0.rc1)
      activesupport (= 3.1.0.rc1)
      arel (~> 2.1.1)
      tzinfo (~> 0.3.27)
    activeresource (3.1.0.rc1)
      activemodel (= 3.1.0.rc1)
      activesupport (= 3.1.0.rc1)
    activesupport (3.1.0.rc1)
      i18n (~> 0.6)
      multi_json (~> 1.0)
    rails (3.1.0.rc1)
      actionmailer (= 3.1.0.rc1)
      actionpack (= 3.1.0.rc1)
      activerecord (= 3.1.0.rc1)
      activeresource (= 3.1.0.rc1)
      activesupport (= 3.1.0.rc1)
      bundler (~> 1.0)
      railties (= 3.1.0.rc1)
    railties (3.1.0.rc1)
      actionpack (= 3.1.0.rc1)
      activesupport (= 3.1.0.rc1)
      rack-ssl (~> 1.3.2)
      rake (>= 0.8.7)
      thor (~> 0.14.6)

PATH
  remote: vendor/run_later
  specs:
    run_later (0.0.1)

PATH
  remote: vendor/sass-rails
  specs:
    sass-rails (3.1.0.rc.2)
      actionpack (~> 3.1.0.rc1)
      railties (~> 3.1.0.rc1)
      sass (>= 3.1.2)
      sprockets (>= 2.0.0.beta.9)

PATH
  remote: vendor/uglifier
  specs:
    uglifier (0.5.4)
      execjs (>= 0.3.0)
      multi_json (>= 1.0.2)

GEM
  remote: http://rubygems.org/
  specs:
    arel (2.1.1)
    attr_required (0.0.3)
    bcrypt-ruby (2.1.4)
    builder (3.0.0)
    chunky_png (1.2.0)
    daemons (1.1.3)
    diff-lcs (1.1.2)
    erubis (2.7.0)
    eventmachine (0.12.10)
    execjs (1.1.0)
      multi_json (~> 1.0)
    faker (0.9.5)
      i18n (~> 0.4)
    fb_graph (1.9.2)
      httpclient (>= 2.2.0.2)
      rack-oauth2 (>= 0.8.0)
    foreman (0.16.0)
      term-ansicolor (~> 1.0.5)
      thor (>= 0.13.6)
    fssm (0.2.7)
    fuubar (0.0.5)
      rspec (~> 2.0)
      rspec-instafail (~> 0.1.4)
      ruby-progressbar (~> 0.0.10)
    hike (1.0.0)
    hoe (2.9.4)
      rake (>= 0.8.7)
    httpclient (2.2.1)
    i18n (0.6.0)
    jquery-rails (1.0.9)
      railties (~> 3.0)
      thor (~> 0.14)
    json (1.4.6)
    kgio (2.4.1)
    macaddr (1.0.0)
    machinist (1.0.6)
    mail (2.3.0)
      i18n (>= 0.4.0)
      mime-types (~> 1.16)
      treetop (~> 1.4.8)
    mailtrap (0.2.1)
      daemons (>= 1.0.8)
      hoe (>= 1.3.0)
      trollop (>= 1.7)
    mime-types (1.16)
    multi_json (1.0.3)
    net-sftp (2.0.5)
      net-ssh (>= 2.0.9)
    net-ssh (2.1.0)
    net-ssh-telnet (0.0.2)
      net-ssh (>= 2.0.1)
    pg (0.9.0)
    polyglot (0.3.1)
    pony (1.1)
      mail (> 2.0)
    rack (1.3.0)
    rack-cache (1.0.2)
      rack (>= 0.4)
    rack-chromeframe (1.0.0)
    rack-mount (0.8.1)
      rack (>= 1.0.0)
    rack-oauth2 (0.8.3)
      activesupport (>= 2.3)
      attr_required (>= 0.0.3)
      httpclient (>= 2.2.0.2)
      i18n
      json (>= 1.4.3)
      rack (>= 1.1)
    rack-ssl (1.3.2)
      rack
    rack-test (0.6.0)
      rack (>= 1.0)
    rake (0.8.7)
    rdiscount (1.6.8)
    redis (2.2.0)
    redis-lock (0.1.0)
      redis
    redis-namespace (1.0.3)
      redis (< 3.0.0)
    redisk (0.2.2)
      redis (>= 0.1.1)
      redis-namespace (>= 0.1.0)
    resque (1.15.0)
      json (~> 1.4.6)
      redis-namespace (>= 0.10.0)
      sinatra (>= 0.9.2)
      vegas (~> 0.1.2)
    resque-scheduler (1.9.9)
      redis (>= 2.0.1)
      resque (>= 1.8.0)
      rufus-scheduler
    resque-status (0.2.3)
      redisk (>= 0.2.1)
      resque (>= 1.3.1)
      uuid (>= 2.0.2)
    rgl (0.4.0)
      rake
      stream (>= 0.5)
    rr (1.0.2)
    rspec (2.6.0)
      rspec-core (~> 2.6.0)
      rspec-expectations (~> 2.6.0)
      rspec-mocks (~> 2.6.0)
    rspec-core (2.6.4)
    rspec-expectations (2.6.0)
      diff-lcs (~> 1.1.2)
    rspec-instafail (0.1.7)
    rspec-mocks (2.6.0)
    rspec-rails (2.6.1)
      actionpack (~> 3.0)
      activesupport (~> 3.0)
      railties (~> 3.0)
      rspec (~> 2.6.0)
    ruby-progressbar (0.0.10)
    rufus-scheduler (2.0.9)
      tzinfo (>= 0.3.23)
    sass (3.1.2)
    sequel (3.24.1)
    sinatra (1.2.6)
      rack (~> 1.1)
      tilt (< 2.0, >= 1.2.2)
    spork (0.9.0.rc8)
    sprockets (2.0.0.beta.10)
      hike (~> 1.0)
      rack (~> 1.0)
      tilt (!= 1.3.0, ~> 1.1)
    stream (0.5)
    term-ansicolor (1.0.5)
    thin (1.2.11)
      daemons (>= 1.0.9)
      eventmachine (>= 0.12.6)
      rack (>= 1.0.0)
    thor (0.14.6)
    tilt (1.3.2)
    treetop (1.4.9)
      polyglot (>= 0.3.1)
    trollop (1.16.2)
    typhoeus (0.2.4)
      mime-types
      mime-types
    tzinfo (0.3.27)
    unicorn (3.5.0)
      kgio (~> 2.3)
      rack
    uuid (2.3.2)
      macaddr (~> 1.0)
    uuidtools (2.1.2)
    vegas (0.1.8)
      rack (>= 1.0.0)

PLATFORMS
  ruby

DEPENDENCIES
  bcrypt-ruby
  compass!
  erector!
  faker (= 0.9.5)
  fb_graph
  foreman (= 0.16.0)
  fuubar (= 0.0.5)
  jquery-rails
  machinist (= 1.0.6)
  mailtrap (= 0.2.1)
  monarch!
  net-sftp
  net-ssh (= 2.1.0)
  net-ssh-telnet
  pg (= 0.9.0)
  pony (= 1.1)
  prequel!
  princess!
  rack-chromeframe (= 1.0.0)
  rails!
  rake (= 0.8.7)
  rdiscount (= 1.6.8)
  redis (= 2.2.0)
  redis-lock (= 0.1.0)
  resque (= 1.15.0)
  resque-scheduler (= 1.9.9)
  resque-status (= 0.2.3)
  rgl
  rr (= 1.0.2)
  rspec (= 2.6.0)
  rspec-rails (= 2.6.1)
  run_later!
  sass
  sass-rails!
  spork (~> 0.9.0.rc7)
  thin (= 1.2.11)
  thor (= 0.14.6)
  typhoeus (= 0.2.4)
  uglifier!
  unicorn (= 3.5.0)
  uuidtools (= 2.1.2)
