GEM
  remote: http://rubygems.org/
  specs:
    activemodel (3.0.0.beta)
      activesupport (= 3.0.0.beta)
    activesupport (3.0.0.beta)
      builder (~> 2.1.2)
      i18n (~> 0.3.0)
      memcache-client (~> 1.7.5)
      tzinfo (~> 0.3.16)
    arel (0.2.1)
      activesupport (>= 3.0.0.beta)
    builder (2.1.2)
    cramp (0.10)
      activemodel (= 3.0.0.beta)
      activesupport (= 3.0.0.beta)
      arel (= 0.2.1)
      eventmachine (~> 0.12.10)
      mysqlplus (~> 0.1.1)
      rack (~> 1.1.0)
    daemons (1.1.0)
    erector (0.6.7)
      treetop (>= 1.2.3)
    eventmachine (0.12.10)
    guid (0.1.1)
    i18n (0.3.7)
    json (1.2.0)
    memcache-client (1.7.8)
    mysqlplus (0.1.2)
    polyglot (0.3.1)
    rack (1.1.0)
    rack-test (0.5.3)
      rack (>= 1.0)
    rr (0.10.0)
    rspec (1.2.6)
    sequel (3.12.0)
    sinatra (1.0)
      rack (>= 1.0)
    sqlite3-ruby (1.2.4)
    thin (1.2.7)
      daemons (>= 1.0.9)
      eventmachine (>= 0.12.6)
      rack (>= 1.0.0)
    timecop (0.3.4)
    treetop (1.4.8)
      polyglot (>= 0.3.1)
    tzinfo (0.3.23)

PLATFORMS
  ruby

DEPENDENCIES
  activesupport (= 3.0.0.beta)
  cramp (= 0.10)
  erector (= 0.6.7)
  guid (= 0.1.1)
  json (= 1.2.0)
  rack (= 1.1.0)
  rack-test (= 0.5.3)
  rr (= 0.10.0)
  rspec (= 1.2.6)
  sequel (= 3.12.0)
  sinatra (= 1.0)
  sqlite3-ruby (= 1.2.4)
  thin (= 1.2.7)
  timecop (= 0.3.4)
